GEM
  remote: https://rubygems.org/
  specs:
    rack (1.6.1)
    rake (10.4.2)

PLATFORMS
  ruby

DEPENDENCIES
  rack
  rake

BUNDLED WITH
   1.10.3
